GEM
  remote: https://rubygems.org/
  specs:
    Ascii85 (2.0.1)
    afm (0.2.2)
    amatch (0.4.1)
      mize
      tins (~> 1.0)
    base64 (0.2.0)
    bigdecimal (3.1.9)
    childprocess (5.1.0)
      logger (~> 1.5)
    colorize (1.1.0)
    complex_config (0.22.2)
      base64
      json
      mize (~> 0.3, >= 0.3.4)
      tins
    connection_pool (2.5.0)
    csv (3.3.2)
    date (3.4.1)
    debug (1.10.0)
      irb (~> 1.10)
      reline (>= 0.3.8)
    documentrix (0.0.1)
      infobar (~> 0.8)
      json (~> 2.0)
      kramdown-ansi (~> 0.0, >= 0.0.1)
      more_math (~> 1.1)
      numo-narray (~> 0.9)
      redis (~> 5.0)
      sqlite-vec (~> 0.0)
      sqlite3 (~> 2.0, >= 2.0.1)
      tins (~> 1.34)
    event_stream_parser (1.0.0)
    excon (1.2.3)
    faraday (2.12.2)
      faraday-net_http (>= 2.0, < 3.5)
      json
      logger
    faraday-multipart (1.1.0)
      multipart-post (~> 2.0)
    faraday-net_http (3.4.0)
      net-http (>= 0.5.0)
    hashery (2.1.2)
    httparty (0.22.0)
      csv
      mini_mime (>= 1.0.0)
      multi_xml (>= 0.5.2)
    infobar (0.9.0)
      complex_config (~> 0.10)
      more_math
      term-ansicolor (~> 1.4)
      tins (~> 1.0, >= 1.28.0)
    io-console (0.8.0)
    irb (1.15.1)
      pp (>= 0.6.0)
      rdoc (>= 4.0.0)
      reline (>= 0.4.2)
    json (2.7.6)
    kramdown (2.5.1)
      rexml (>= 3.3.9)
    kramdown-ansi (0.0.2)
      kramdown-parser-gfm (~> 1.1)
      term-ansicolor (~> 1.11)
      terminal-table (~> 3.0)
    kramdown-parser-gfm (1.1.0)
      kramdown (~> 2.0)
    logger (1.6.6)
    mime-types (3.6.0)
      logger
      mime-types-data (~> 3.2015)
    mime-types-data (3.2025.0220)
    mini_mime (1.1.5)
    mini_portile2 (2.8.8)
    mize (0.6.1)
    more_math (1.3.0)
      mize
      tins (~> 1.0)
    multi_xml (0.7.1)
      bigdecimal (~> 3.1)
    multipart-post (2.4.1)
    net-http (0.6.0)
      uri
    nokogiri (1.18.3)
      mini_portile2 (~> 2.8.2)
      racc (~> 1.4)
    nokogiri (1.18.3-x86_64-linux-gnu)
      racc (~> 1.4)
    numo-narray (0.9.2.1)
    ollama-ruby (0.13.0)
      amatch (~> 0.4.1)
      complex_config (~> 0.22, >= 0.22.2)
      documentrix (~> 0.0)
      excon (~> 1.0)
      infobar (~> 0.8)
      json (~> 2.0)
      kramdown-ansi (~> 0.0, >= 0.0.1)
      logger (~> 1.0)
      mime-types (~> 3.0)
      ostruct (~> 0.0)
      pdf-reader (~> 2.0)
      redis (~> 5.0)
      reverse_markdown (~> 3.0)
      rss (~> 0.3)
      search_ui (~> 0.0)
      term-ansicolor (~> 1.11)
      tins (~> 1.34)
      xdg (~> 7.0)
    ostruct (0.6.1)
    pdf-reader (2.14.1)
      Ascii85 (>= 1.0, < 3.0, != 2.0.0)
      afm (~> 0.2.1)
      hashery (~> 2.0)
      ruby-rc4
      ttfunk
    pg (1.5.9)
    pp (0.6.2)
      prettyprint
    prettyprint (0.2.0)
    psych (5.2.3)
      date
      stringio
    racc (1.8.1)
    rdbg (0.1.0)
      debug (>= 1.2.2)
    rdoc (6.12.0)
      psych (>= 4.0.0)
    redcarpet (3.6.0)
    redis (5.4.0)
      redis-client (>= 0.22.0)
    redis-client (0.23.2)
      connection_pool
    reline (0.6.0)
      io-console (~> 0.5)
    retriable (3.1.2)
    reverse_markdown (3.0.0)
      nokogiri
    rexml (3.4.1)
    rouge (4.5.1)
    rss (0.3.1)
      rexml
    ruby-openai (7.1.0)
      event_stream_parser (>= 0.3.0, < 2.0.0)
      faraday (>= 1)
      faraday-multipart (>= 1)
    ruby-rc4 (0.1.5)
    ruby_rich (0.2.0)
    safe_ruby (1.0.5)
      childprocess (~> 5)
    search_ui (0.0.5)
      amatch (~> 0.0)
      term-ansicolor (~> 1.0)
      tins (~> 1.0)
    smart_prompt (0.1.9)
      json (~> 2.7.1)
      ollama-ruby (~> 0.13.0)
      retriable (~> 3.1.2)
      ruby-openai (~> 7.1.0)
      safe_ruby (~> 1.0.4)
      yaml (~> 0.3.0)
    sqlite-vec (0.1.6-x86_64-linux)
    sqlite3 (2.6.0)
      mini_portile2 (~> 2.8.0)
    sqlite3 (2.6.0-x86_64-linux-gnu)
    stringio (3.1.5)
    sync (0.5.0)
    term-ansicolor (1.11.2)
      tins (~> 1.0)
    terminal-table (3.0.2)
      unicode-display_width (>= 1.1.1, < 3)
    thor (1.3.2)
    tins (1.38.0)
      bigdecimal
      sync
    ttfunk (1.8.0)
      bigdecimal (~> 3.1)
    tty-cursor (0.7.1)
    tty-screen (0.8.2)
    unicode-display_width (2.6.0)
    uri (1.0.2)
    xdg (7.1.2)
    yaml (0.3.0)

PLATFORMS
  ruby
  x86_64-linux

DEPENDENCIES
  colorize
  httparty
  pg
  rdbg
  redcarpet
  rouge
  ruby_rich
  smart_prompt
  thor
  tty-cursor
  tty-screen

RUBY VERSION
   ruby 3.3.4p94

BUNDLED WITH
   2.6.2
